GIT
  remote: git://github.com/radar/better_spree_paypal_express.git
  revision: a08f3ce0d18b01492ccfd9d89e8b8740f7dba181
  branch: 2-2-stable
  specs:
    spree_paypal_express (2.0.3)
      paypal-sdk-merchant (= 1.106.1)
      spree_core (~> 2.2.0.beta)

GIT
  remote: git://github.com/spree/spree.git
  revision: 761ba5ffcc47dd8573b17f5ec5cdcef6a66dc3a5
  branch: 2-2-stable
  specs:
    spree (2.2.2.beta)
      spree_api (= 2.2.2.beta)
      spree_backend (= 2.2.2.beta)
      spree_cmd (= 2.2.2.beta)
      spree_core (= 2.2.2.beta)
      spree_frontend (= 2.2.2.beta)
      spree_sample (= 2.2.2.beta)
    spree_api (2.2.2.beta)
      rabl (= 0.9.3)
      spree_core (= 2.2.2.beta)
      versioncake (~> 1.2.0)
    spree_backend (2.2.2.beta)
      jquery-rails (~> 3.1.0)
      jquery-ui-rails (~> 4.1.0)
      select2-rails (~> 3.4.7)
      spree_api (= 2.2.2.beta)
      spree_core (= 2.2.2.beta)
    spree_cmd (2.2.2.beta)
      thor (~> 0.14)
    spree_core (2.2.2.beta)
      activemerchant (~> 1.42.3)
      acts_as_list (= 0.3.0)
      awesome_nested_set (~> 3.0.0.rc.3)
      aws-sdk (= 1.27.0)
      cancan (~> 1.6.10)
      deface (~> 1.0.0)
      ffaker (~> 1.16)
      friendly_id (= 5.0.3)
      highline (~> 1.6.18)
      httparty (~> 0.11)
      json (~> 1.7)
      kaminari (~> 0.15.0)
      monetize
      paperclip (~> 3.4.1)
      paranoia (~> 2.0)
      rails (~> 4.0.3)
      ransack (~> 1.1.0)
      state_machine (= 1.2.0)
      stringex (~> 1.5.1)
      truncate_html (= 0.9.2)
    spree_frontend (2.2.2.beta)
      canonical-rails (~> 0.0.4)
      jquery-rails (~> 3.1.0)
      spree_api (= 2.2.2.beta)
      spree_core (= 2.2.2.beta)
      stringex (~> 1.5.1)
    spree_sample (2.2.2.beta)
      spree_core (= 2.2.2.beta)

GIT
  remote: git://github.com/spree/spree_auth_devise.git
  revision: e75c1f021c4353b2e10474dfb9181dc8d4571b40
  branch: 2-2-stable
  specs:
    spree_auth_devise (2.2.0)
      cancan (~> 1.6.10)
      devise (~> 3.2.3)
      devise-encryptable (= 0.1.2)
      json
      multi_json
      spree_core (~> 2.2.0)

GIT
  remote: git://github.com/spree/spree_editor.git
  revision: ef31bd5f5d5094add0a13d359aff6a0b4bff021f
  branch: 2-2-stable
  specs:
    spree_editor (2.2.0)
      ckeditor (= 4.0.6)
      spree_backend (~> 2.2.0)
      tinymce-rails (~> 3.5.8.3)

GIT
  remote: git://github.com/spree/spree_fancy.git
  revision: 023f6144439f7e87db0547d36e27b971965973ee
  branch: 2-2-stable
  specs:
    spree_fancy (1.3.0)
      compass-rails
      deface (~> 1.0.0rc3)
      jquery-ui-rails
      spree_core (~> 2.2.0.beta)

GIT
  remote: git://github.com/spree/spree_gateway.git
  revision: 10430c4e9742f93fc7441903391f0cde3fb71976
  branch: 2-2-stable
  specs:
    spree_gateway (2.2.1)
      spree_core (~> 2.2.0)

GIT
  remote: git://github.com/spree/spree_i18n.git
  revision: a7afd0702e3968014a769e5ae1801bb62ee78f17
  branch: 2-2-stable
  specs:
    spree_i18n (3.0.0)
      globalize (~> 4.0.0)
      rails-i18n (~> 4.0.0)
      spree_core (~> 2.2.0.beta)

GIT
  remote: git://github.com/spree/spree_static_content.git
  revision: 84a77297a61f241155c2301c1ba9b960a8354c68
  branch: 2-2-stable
  specs:
    spree_static_content (2.2.0)
      spree_core (~> 2.2.0)

GIT
  remote: https://github.com/jdutil/spree_contact_us
  revision: 4ff46a152408b84ba86d0edeb012a885c4b96da8
  branch: 2-2-stable
  specs:
    spree_contact_us (2.2.0)
      spree_core (~> 2.2.0)

GEM
  remote: https://rubygems.org/
  specs:
    actionmailer (4.0.4)
      actionpack (= 4.0.4)
      mail (~> 2.5.4)
    actionpack (4.0.4)
      activesupport (= 4.0.4)
      builder (~> 3.1.0)
      erubis (~> 2.7.0)
      rack (~> 1.5.2)
      rack-test (~> 0.6.2)
    active_utils (2.0.2)
      activesupport (>= 2.3.11)
      i18n
    activemerchant (1.42.8)
      active_utils (~> 2.0, >= 2.0.1)
      activesupport (>= 2.3.14, < 5.0.0)
      builder (>= 2.1.2, < 4.0.0)
      i18n (~> 0.5)
      json (~> 1.7)
      money (< 7.0.0)
      nokogiri (~> 1.4)
    activemodel (4.0.4)
      activesupport (= 4.0.4)
      builder (~> 3.1.0)
    activerecord (4.0.4)
      activemodel (= 4.0.4)
      activerecord-deprecated_finders (~> 1.0.2)
      activesupport (= 4.0.4)
      arel (~> 4.0.0)
    activerecord-deprecated_finders (1.0.3)
    activesupport (4.0.4)
      i18n (~> 0.6, >= 0.6.9)
      minitest (~> 4.2)
      multi_json (~> 1.3)
      thread_safe (~> 0.1)
      tzinfo (~> 0.3.37)
    acts_as_list (0.3.0)
      activerecord (>= 3.0)
    arel (4.0.2)
    awesome_nested_set (3.0.0.rc.3)
      activerecord (>= 4.0.0, < 5)
    aws-sdk (1.27.0)
      json (~> 1.4)
      nokogiri (>= 1.4.4)
      uuidtools (~> 2.1)
    bcrypt (3.1.7)
    bourbon (3.2.1)
      sass (~> 3.2)
      thor
    builder (3.1.4)
    cancan (1.6.10)
    canonical-rails (0.0.7)
      rails (>= 3.1, < 5.0)
    chunky_png (1.3.0)
    ckeditor (4.0.6)
      mime-types
      orm_adapter
    climate_control (0.0.3)
      activesupport (>= 3.0)
    cocaine (0.5.4)
      climate_control (>= 0.0.3, < 1.0)
    coffee-rails (4.0.1)
      coffee-script (>= 2.2.0)
      railties (>= 4.0.0, < 5.0)
    coffee-script (2.2.0)
      coffee-script-source
      execjs
    coffee-script-source (1.7.0)
    colorize (0.7.2)
    compass (0.12.6)
      chunky_png (~> 1.2)
      fssm (>= 0.2.7)
      sass (~> 3.2.19)
    compass-rails (1.1.7)
      compass (>= 0.12.2)
      sprockets (<= 2.11.0)
    deface (1.0.0)
      colorize (>= 0.5.8)
      nokogiri (~> 1.6.0)
      rails (>= 3.1)
    devise (3.2.4)
      bcrypt (~> 3.0)
      orm_adapter (~> 0.1)
      railties (>= 3.2.6, < 5)
      thread_safe (~> 0.1)
      warden (~> 1.2.3)
    devise-encryptable (0.1.2)
      devise (>= 2.1.0)
    erubis (2.7.0)
    execjs (2.0.2)
    ffaker (1.24.0)
    friendly_id (5.0.3)
      activerecord (>= 4.0.0)
    fssm (0.2.10)
    globalize (4.0.1)
      activemodel (>= 4.0.0, < 5)
      activerecord (>= 4.0.0, < 5)
    highline (1.6.21)
    hike (1.2.3)
    httparty (0.13.1)
      json (~> 1.8)
      multi_xml (>= 0.5.2)
    i18n (0.6.9)
    jbuilder (1.5.3)
      activesupport (>= 3.0.0)
      multi_json (>= 1.2.0)
    jquery-rails (3.1.0)
      railties (>= 3.0, < 5.0)
      thor (>= 0.14, < 2.0)
    jquery-ui-rails (4.1.2)
      railties (>= 3.1.0)
    json (1.8.1)
    kaminari (0.15.1)
      actionpack (>= 3.0.0)
      activesupport (>= 3.0.0)
    kgio (2.9.2)
    mail (2.5.4)
      mime-types (~> 1.16)
      treetop (~> 1.4.8)
    mime-types (1.25.1)
    mini_portile (0.5.3)
    minitest (4.7.5)
    monetize (0.2.0)
      money (~> 6.1.0.beta1)
    money (6.1.1)
      i18n (~> 0.6.4)
    multi_json (1.9.2)
    multi_xml (0.5.5)
    mysql2 (0.3.14)
    nokogiri (1.6.1)
      mini_portile (~> 0.5.0)
    orm_adapter (0.5.0)
    paperclip (3.4.2)
      activemodel (>= 3.0.0)
      activerecord (>= 3.0.0)
      activesupport (>= 3.0.0)
      cocaine (~> 0.5.0)
      mime-types
    paranoia (2.0.2)
      activerecord (~> 4.0)
    paypal-sdk-core (0.2.8)
      multi_json (~> 1.0)
      xml-simple
    paypal-sdk-merchant (1.106.1)
      paypal-sdk-core (~> 0.2.3)
    polyamorous (0.6.4)
      activerecord (>= 3.0)
    polyglot (0.3.4)
    rabl (0.9.3)
      activesupport (>= 2.3.14)
    rack (1.5.2)
    rack-test (0.6.2)
      rack (>= 1.0)
    rails (4.0.4)
      actionmailer (= 4.0.4)
      actionpack (= 4.0.4)
      activerecord (= 4.0.4)
      activesupport (= 4.0.4)
      bundler (>= 1.3.0, < 2.0)
      railties (= 4.0.4)
      sprockets-rails (~> 2.0.0)
    rails-i18n (4.0.2)
      i18n (~> 0.6)
      rails (>= 4.0)
    railties (4.0.4)
      actionpack (= 4.0.4)
      activesupport (= 4.0.4)
      rake (>= 0.8.7)
      thor (>= 0.18.1, < 2.0)
    raindrops (0.13.0)
    rake (10.2.2)
    ransack (1.1.0)
      actionpack (>= 3.0)
      activerecord (>= 3.0)
      polyamorous (~> 0.6.0)
    rdoc (4.1.1)
      json (~> 1.4)
    sass (3.2.19)
    sass-rails (4.0.3)
      railties (>= 4.0.0, < 5.0)
      sass (~> 3.2.0)
      sprockets (~> 2.8, <= 2.11.0)
      sprockets-rails (~> 2.0)
    sdoc (0.4.0)
      json (~> 1.8)
      rdoc (~> 4.0, < 5.0)
    select2-rails (3.4.9)
      sass-rails
      thor (~> 0.14)
    sprockets (2.11.0)
      hike (~> 1.2)
      multi_json (~> 1.0)
      rack (~> 1.0)
      tilt (~> 1.1, != 1.3.0)
    sprockets-rails (2.0.1)
      actionpack (>= 3.0)
      activesupport (>= 3.0)
      sprockets (~> 2.8)
    state_machine (1.2.0)
    stringex (1.5.1)
    thor (0.19.1)
    thread_safe (0.3.3)
    tilt (1.4.1)
    tinymce-rails (3.5.8.3)
      railties (>= 3.1.1)
    treetop (1.4.15)
      polyglot
      polyglot (>= 0.3.1)
    truncate_html (0.9.2)
    turbolinks (2.2.2)
      coffee-rails
    tzinfo (0.3.39)
    uglifier (2.5.0)
      execjs (>= 0.3.0)
      json (>= 1.8.0)
    unicorn (4.8.2)
      kgio (~> 2.6)
      rack
      raindrops (~> 0.7)
    uuidtools (2.1.4)
    versioncake (1.2.0)
      actionpack (>= 3.2)
      activesupport (>= 3.2)
      railties (>= 3.2)
      tzinfo
    warden (1.2.3)
      rack (>= 1.0)
    xml-simple (1.1.3)

PLATFORMS
  ruby

DEPENDENCIES
  bourbon
  coffee-rails (~> 4.0.0)
  jbuilder (~> 1.2)
  jquery-rails
  mysql2
  rails (= 4.0.4)
  sass-rails (~> 4.0.2)
  sdoc
  spree!
  spree_auth_devise!
  spree_contact_us!
  spree_editor!
  spree_fancy!
  spree_gateway!
  spree_i18n!
  spree_paypal_express!
  spree_static_content!
  turbolinks
  uglifier (>= 1.3.0)
  unicorn
